GEM
  remote: https://rubygems.org/
  specs:
    addressable (2.3.2)
    directory_watcher (1.4.1)
    em-websocket (0.3.8)
      addressable (>= 2.1.1)
      eventmachine (>= 0.12.9)
    eventmachine (1.0.0)
    guard (1.3.2)
      listen (>= 0.4.2)
      thor (>= 0.14.6)
    guard-bundler (1.0.0)
      bundler (~> 1.0)
      guard (~> 1.1)
    guard-livereload (1.0.1)
      em-websocket (>= 0.2.0)
      guard (>= 1.1.0)
      multi_json (~> 1.0)
    guard-shell (0.5.1)
      guard (>= 1.1.0)
    listen (0.5.1)
    multi_json (1.3.6)
    mustache (0.99.4)
    nokogiri (1.5.5)
    psych (1.3.4)
    rack (1.4.1)
    rack-livereload (0.3.8)
      rack
    rb-fsevent (0.9.1)
    redcarpet (2.1.1)
    ruhoh (1.1)
      directory_watcher (~> 1.4)
      mustache (~> 0.99)
      nokogiri (~> 1.5)
      rack (~> 1.4)
      redcarpet (~> 2.1)
    thor (0.16.0)

PLATFORMS
  ruby

DEPENDENCIES
  guard-bundler (~> 1.0.0)
  guard-livereload (~> 1.0.1)
  guard-shell (~> 0.5.1)
  psych
  rack-livereload (~> 0.3.8)
  rb-fsevent (~> 0.9.1)
  ruhoh (~> 1.1)
